GEM
  remote: https://rubygems.org/
  specs:
    amatch (0.4.0)
      mize
      tins (~> 1.0)
    awesome_print (1.8.0)
    bond (0.5.1)
    bson (4.2.2)
    clipboard (1.1.1)
    coderay (1.1.2)
    deterministic (0.16.0)
    elixirize (0.5.0)
    fuzzy_match (2.1.0)
    gli (2.16.1)
    hirb (0.7.3)
    looksee (4.0.0)
    memoist (0.16.0)
    method_source (0.9.0)
    mini_portile2 (2.3.0)
    mize (0.3.3)
      protocol
    mongo (2.4.3)
      bson (>= 4.2.1, < 5.0.0)
    nokogiri (1.8.1)
      mini_portile2 (~> 2.3.0)
    protocol (1.0.1)
      ruby_parser (~> 3.0)
    pry (0.11.1)
      coderay (~> 1.1.0)
      method_source (~> 0.9.0)
    pry-bond (0.0.1)
      bond (~> 0.5)
      rb-readline (~> 0.5)
    pry-clipboard (0.1.1)
      clipboard
      pry
    rb-readline (0.5.5)
    ruby_parser (3.10.1)
      sexp_processor (~> 4.9)
    settingslogic (2.0.9)
    sexp_processor (4.10.0)
    tins (1.15.0)
    yell (2.0.7)

PLATFORMS
  ruby

DEPENDENCIES
  amatch
  awesome_print
  deterministic
  elixirize
  fuzzy_match
  gli
  hirb
  looksee
  memoist
  mize
  mongo
  nokogiri
  pry
  pry-bond
  pry-clipboard
  settingslogic
  yell

BUNDLED WITH
   1.15.4
