GEM
  remote: https://rubygems.org/
  specs:
    bson (4.2.2)
    deterministic (0.16.0)
    equatable (0.5.0)
    fuzzy_match (2.1.0)
    gli (2.16.1)
    hitimes (1.2.6)
    memoist (0.16.0)
    mini_portile2 (2.2.0)
    mongo (2.4.3)
      bson (>= 4.2.1, < 5.0.0)
    necromancer (0.4.0)
    nokogiri (1.8.0)
      mini_portile2 (~> 2.2.0)
    pastel (0.7.1)
      equatable (~> 0.5.0)
      tty-color (~> 0.4.0)
    rubyXL (3.3.26)
      nokogiri (>= 1.4.4)
      rubyzip (>= 1.1.6)
    rubyzip (1.2.1)
    settingslogic (2.0.9)
    timers (4.1.2)
      hitimes
    tty-color (0.4.2)
    tty-cursor (0.5.0)
    tty-prompt (0.13.0)
      necromancer (~> 0.4.0)
      pastel (~> 0.7.0)
      timers (~> 4.1.2)
      tty-cursor (~> 0.5.0)
      wisper (~> 2.0.0)
    wisper (2.0.0)
    yell (2.0.7)

PLATFORMS
  ruby

DEPENDENCIES
  deterministic
  fuzzy_match
  gli
  memoist
  mongo
  rubyXL
  settingslogic
  tty-prompt
  yell

BUNDLED WITH
   1.15.4
